GEM
  remote: https://rubygems.org/
  specs:
    builder (3.2.2)
    ffi (1.9.9)
    gssapi (1.2.0)
      ffi (>= 1.0.1)
    gyoku (1.3.1)
      builder (>= 2.1.2)
    httpclient (2.6.0.1)
    little-plugger (1.1.3)
    logging (1.8.2)
      little-plugger (>= 1.1.3)
      multi_json (>= 1.8.4)
    multi_json (1.11.1)
    nori (2.6.0)
    rubyntlm (0.4.0)
    uuidtools (2.1.5)
    winrm (1.3.3)
      builder (>= 2.1.2)
      gssapi (~> 1.2)
      gyoku (~> 1.0)
      httpclient (~> 2.2, >= 2.2.0.2)
      logging (~> 1.6, >= 1.6.1)
      nori (~> 2.0)
      rubyntlm (~> 0.4.0)
      uuidtools (~> 2.1.2)

PLATFORMS
  ruby

DEPENDENCIES
  winrm
